GEM
  remote: https://rubygems.org/
  specs:
    alexa_generator (0.1.2)
    alexa_rubykit (1.1.0)
      bundler (~> 1.7)
      rake (~> 10.0)
    faraday (0.10.0)
      multipart-post (>= 1.2, < 3)
    multipart-post (2.0.0)
    rack (1.6.5)
    rack-protection (1.5.3)
      rack
    rake (10.5.0)
    sinatra (1.4.7)
      rack (~> 1.5)
      rack-protection (~> 1.4)
      tilt (>= 1.3, < 3)
    tilt (2.0.5)

PLATFORMS
  ruby

DEPENDENCIES
  alexa_generator
  alexa_rubykit
  faraday
  sinatra

BUNDLED WITH
   1.13.6
